GEM
  remote: http://rubygems.org/
  specs:
    actionmailer (2.3.14)
      actionpack (= 2.3.14)
    actionpack (2.3.14)
      activesupport (= 2.3.14)
      rack (~> 1.1.0)
    activerecord (2.3.14)
      activesupport (= 2.3.14)
    activeresource (2.3.14)
      activesupport (= 2.3.14)
    activesupport (2.3.14)
    aws-s3 (0.6.2)
      builder
      mime-types
      xml-simple
    builder (3.0.0)
    chronic (0.6.6)
    delayed_job (1.8.5)
    diff-lcs (1.1.3)
    escape (0.0.4)
    exceptional (2.0.32)
      rack
    fastercsv (1.5.4)
    formtastic (1.2.4)
      actionpack (>= 2.3.7)
      activesupport (>= 2.3.7)
      i18n (~> 0.4)
    haml (3.0.25)
    i18n (0.6.0)
    libxml-ruby (2.2.2)
    libxslt-ruby (0.9.2)
      libxml-ruby (>= 0.9.4)
    mime-types (1.17.2)
    mysql (2.8.1)
    rack (1.1.3)
    rails (2.3.14)
      actionmailer (= 2.3.14)
      actionpack (= 2.3.14)
      activerecord (= 2.3.14)
      activeresource (= 2.3.14)
      activesupport (= 2.3.14)
      rake (>= 0.8.3)
    rake (0.9.2.2)
    rsolr (0.12.1)
      builder (>= 2.1.2)
    rspec (2.7.0)
      rspec-core (~> 2.7.0)
      rspec-expectations (~> 2.7.0)
      rspec-mocks (~> 2.7.0)
    rspec-core (2.7.1)
    rspec-expectations (2.7.0)
      diff-lcs (~> 1.1.2)
    rspec-mocks (2.7.0)
    rubyzip (0.9.5)
    sunspot (1.1.0)
      escape (= 0.0.4)
      rsolr (= 0.12.1)
    sunspot_rails (1.1.0)
      sunspot (= 1.1.0)
    uuidtools (1.0.4)
      rake (>= 0.7.3)
      rspec (>= 1.0.8)
    whenever (0.4.1)
      chronic (>= 0.2.3)
    will_paginate (2.3.16)
    xml-simple (1.1.1)

PLATFORMS
  ruby

DEPENDENCIES
  aws-s3
  delayed_job (< 2)
  exceptional
  fastercsv
  formtastic (= 1.2.4)
  haml (~> 3.0.6)
  libxml-ruby
  libxslt-ruby (= 0.9.2)
  mime-types
  mysql
  rails (= 2.3.14)
  rake (= 0.9.2.2)
  rsolr (= 0.12.1)
  rubyzip
  sunspot (= 1.1.0)
  sunspot_rails (= 1.1.0)
  uuidtools (= 1.0.4)
  whenever (= 0.4.1)
  will_paginate (~> 2.3.16)
